PATH
  remote: .
  specs:
    ctags.rb (1.0.16)
      posix-spawn (~> 0.3.6)
      ripper-tags (~> 0.1.3)
      yajl-ruby

GEM
  remote: https://rubygems.org/
  specs:
    posix-spawn (0.3.8)
    rake (10.1.1)
    ripper (1.0.5)
    ripper-tags (0.1.3)
      yajl-ruby
    yajl-ruby (1.2.0)

PLATFORMS
  ruby

DEPENDENCIES
  ctags.rb!
  rake
  ripper
